PATH
  remote: .
  specs:
    nonstandard (0.1.4)
      rubocop
      rubocop-faker
      rubocop-performance
      rubocop-rails
      rubocop-rake
      rubocop-rspec

GEM
  remote: https://rubygems.org/
  specs:
    activesupport (3.1.12)
      multi_json (~> 1.0)
    ast (2.4.2)
    jaro_winkler (1.5.4)
    multi_json (1.15.0)
    parallel (1.19.2)
    parser (3.2.0.0)
      ast (~> 2.4.1)
    rack (2.2.6.2)
    rainbow (3.1.1)
    rake (13.0.6)
    rexml (3.2.5)
    rubocop (0.81.0)
      jaro_winkler (~> 1.5.1)
      parallel (~> 1.10)
      parser (>= 2.7.0.1)
      rainbow (>= 2.2.2, < 4.0)
      rexml
      ruby-progressbar (~> 1.7)
      unicode-display_width (>= 1.4.0, < 2.0)
    rubocop-faker (1.0.0)
      rubocop (>= 0.74)
    rubocop-performance (1.5.2)
      rubocop (>= 0.71.0)
    rubocop-rails (2.5.2)
      activesupport
      rack (>= 1.1)
      rubocop (>= 0.72.0)
    rubocop-rake (0.5.1)
      rubocop
    rubocop-rspec (1.38.1)
      rubocop (>= 0.68.1)
    ruby-progressbar (1.11.0)
    unicode-display_width (1.8.0)

PLATFORMS
  arm64-darwin-20
  x86_64-darwin-19
  x86_64-linux

DEPENDENCIES
  nonstandard!
  rake (~> 13.0)

BUNDLED WITH
   2.2.30
